GEM
  remote: http://rubygems.org/
  specs:
    sass (3.4.22)

PLATFORMS
  x64-mingw32

DEPENDENCIES
  sass (~> 3.4.0)

BUNDLED WITH
   1.12.5
